GEM
  remote: https://rubygems.org/
  specs:
    addressable (2.6.0)
      public_suffix (>= 2.0.2, < 4.0)
    diff-lcs (1.3)
    faraday (0.15.4)
      multipart-post (>= 1.2, < 3)
    firebase (0.2.8)
      googleauth
      httpclient (>= 2.5.3)
      json
    googleauth (0.8.1)
      faraday (~> 0.12)
      jwt (>= 1.4, < 3.0)
      memoist (~> 0.16)
      multi_json (~> 1.11)
      os (>= 0.9, < 2.0)
      signet (~> 0.7)
    httpclient (2.8.3)
    json (2.2.0)
    jwt (2.2.1)
    memoist (0.16.0)
    multi_json (1.13.1)
    multipart-post (2.1.1)
    mustermann (1.0.3)
    os (1.0.1)
    public_suffix (3.1.1)
    rack (2.2.3)
    rack-protection (2.0.5)
      rack
    rspec (3.8.0)
      rspec-core (~> 3.8.0)
      rspec-expectations (~> 3.8.0)
      rspec-mocks (~> 3.8.0)
    rspec-core (3.8.2)
      rspec-support (~> 3.8.0)
    rspec-expectations (3.8.4)
      diff-lcs (>= 1.2.0, < 2.0)
      rspec-support (~> 3.8.0)
    rspec-mocks (3.8.1)
      diff-lcs (>= 1.2.0, < 2.0)
      rspec-support (~> 3.8.0)
    rspec-support (3.8.2)
    signet (0.11.0)
      addressable (~> 2.3)
      faraday (~> 0.9)
      jwt (>= 1.5, < 3.0)
      multi_json (~> 1.10)
    sinatra (2.0.5)
      mustermann (~> 1.0)
      rack (~> 2.0)
      rack-protection (= 2.0.5)
      tilt (~> 2.0)
    tilt (2.0.9)
    xxhash (0.4.0)

PLATFORMS
  ruby

DEPENDENCIES
  firebase
  rspec
  sinatra
  xxhash

BUNDLED WITH
   2.0.2
